GEM
  remote: https://rubygems.org/
  specs:
    activemodel (5.1.4)
      activesupport (= 5.1.4)
    activerecord (5.1.4)
      activemodel (= 5.1.4)
      activesupport (= 5.1.4)
      arel (~> 8.0)
    activesupport (5.1.4)
      concurrent-ruby (~> 1.0, >= 1.0.2)
      i18n (~> 0.7)
      minitest (~> 5.1)
      tzinfo (~> 1.1)
    arel (8.0.0)
    axiom-types (0.1.1)
      descendants_tracker (~> 0.0.4)
      ice_nine (~> 0.11.0)
      thread_safe (~> 0.3, >= 0.3.1)
    chronic (0.10.2)
    coercible (1.0.0)
      descendants_tracker (~> 0.0.1)
    concurrent-ruby (1.0.5)
    daemons (1.2.4)
    descendants_tracker (0.0.4)
      thread_safe (~> 0.3, >= 0.3.1)
    dotenv (2.2.1)
    equalizer (0.0.11)
    eventmachine (1.2.5)
    faraday (0.13.1)
      multipart-post (>= 1.2, < 3)
    i18n (0.8.6)
    ice_nine (0.11.2)
    inflecto (0.0.2)
    minitest (5.10.3)
    multipart-post (2.0.0)
    mustermann (1.0.1)
    mysql2 (0.4.9)
    rack (2.0.3)
    rack-protection (2.0.0)
      rack
    rake (12.1.0)
    rmagick (2.16.0)
    sinatra (2.0.0)
      mustermann (~> 1.0)
      rack (~> 2.0)
      rack-protection (= 2.0.0)
      tilt (~> 2.0)
    sucker_punch (2.0.4)
      concurrent-ruby (~> 1.0.0)
    telegram-bot-ruby (0.8.4)
      faraday
      inflecto
      virtus
    thin (1.7.2)
      daemons (~> 1.0, >= 1.0.9)
      eventmachine (~> 1.0, >= 1.0.4)
      rack (>= 1, < 3)
    thread_safe (0.3.6)
    tilt (2.0.8)
    tzinfo (1.2.3)
      thread_safe (~> 0.1)
    virtus (1.0.5)
      axiom-types (~> 0.1)
      coercible (~> 1.0)
      descendants_tracker (~> 0.0, >= 0.0.3)
      equalizer (~> 0.0, >= 0.0.9)
    whenever (0.9.7)
      chronic (>= 0.6.3)
    word_wrap (1.0.0)

PLATFORMS
  ruby

DEPENDENCIES
  activerecord
  dotenv
  faraday
  mysql2
  rake
  rmagick
  sinatra
  sucker_punch (~> 2.0)
  telegram-bot-ruby
  thin
  whenever
  word_wrap

BUNDLED WITH
   1.15.3
